GEM
  remote: http://rubygems.org/
  specs:
    builder (3.0.0)
    diff-lcs (1.1.2)
    git (1.2.5)
    gyoku (0.4.4)
      builder (>= 2.1.2)
    httpi (0.9.4)
      pyu-ntlm-http (>= 0.1.3.1)
      rack
    jeweler (1.6.2)
      bundler (~> 1.0)
      git (>= 1.2.5)
      rake
    nokogiri (1.4.4)
    nori (0.2.3)
    pyu-ntlm-http (0.1.3.1)
    rack (1.3.0)
    rake (0.9.2)
    rspec (2.6.0)
      rspec-core (~> 2.6.0)
      rspec-expectations (~> 2.6.0)
      rspec-mocks (~> 2.6.0)
    rspec-core (2.6.4)
    rspec-expectations (2.6.0)
      diff-lcs (~> 1.1.2)
    rspec-mocks (2.6.0)
    savon (0.9.2)
      builder (>= 2.1.2)
      gyoku (>= 0.4.0)
      httpi (>= 0.7.8)
      nokogiri (>= 1.4.0)
      nori (>= 0.2.0)

PLATFORMS
  ruby

DEPENDENCIES
  jeweler
  rake
  rspec (~> 2)
  savon (>= 0.8.2)
